GIT
  remote: git://github.com/rack/rack.git
  revision: 1c2715778d3753dce4d8df19e3d3cc698aed20c6
  specs:
    rack (1.2.1)

GIT
  remote: git://github.com/rails/arel.git
  revision: 4d92a6b33476a5b324188bd86dfa5b5d3f4dcd3a
  specs:
    arel (2.0.7.beta.20110121165657)

GIT
  remote: git://github.com/rails/rails.git
  revision: d65e3b481e72e8c76818a94353e9ac315c7c0272
  specs:
    actionmailer (3.1.0.beta)
      actionpack (= 3.1.0.beta)
      mail (~> 2.2.15)
    actionpack (3.1.0.beta)
      activemodel (= 3.1.0.beta)
      activesupport (= 3.1.0.beta)
      builder (~> 3.0.0)
      erubis (~> 2.6.6)
      i18n (~> 0.5.0)
      rack (~> 1.2.1)
      rack-cache (~> 1.0.0)
      rack-mount (~> 0.6.13)
      rack-test (~> 0.5.7)
      tzinfo (~> 0.3.23)
    activemodel (3.1.0.beta)
      activesupport (= 3.1.0.beta)
      bcrypt-ruby (~> 2.1.4)
      builder (~> 3.0.0)
      i18n (~> 0.5.0)
    activerecord (3.1.0.beta)
      activemodel (= 3.1.0.beta)
      activesupport (= 3.1.0.beta)
      arel (~> 2.0.2)
      tzinfo (~> 0.3.23)
    activeresource (3.1.0.beta)
      activemodel (= 3.1.0.beta)
      activesupport (= 3.1.0.beta)
    activesupport (3.1.0.beta)
    rails (3.1.0.beta)
      actionmailer (= 3.1.0.beta)
      actionpack (= 3.1.0.beta)
      activerecord (= 3.1.0.beta)
      activeresource (= 3.1.0.beta)
      activesupport (= 3.1.0.beta)
      bundler (~> 1.0)
      railties (= 3.1.0.beta)
    railties (3.1.0.beta)
      actionpack (= 3.1.0.beta)
      activesupport (= 3.1.0.beta)
      rake (>= 0.8.7)
      thor (~> 0.14.4)

PATH
  remote: ../../../authlogic
  specs:
    authlogic (2.1.6)
      activesupport

PATH
  remote: ../../../community_engine
  specs:
    community_engine (1.9.9)
      authlogic
      aws-s3
      calendar_date_select
      configatron
      dynamic_form
      haml
      hpricot
      htmlentities
      rack (= 1.2.1)
      rails (= 3.1.0.beta)
      rakismet
      rd_searchlogic (= 3.0.1)
      ri_cal
      rmagick
      will_paginate (~> 3.0.pre2)

PATH
  remote: ../../../searchlogic
  specs:
    rd_searchlogic (3.0.1)
      activerecord (>= 3.0.0)

GEM
  remote: http://rubygems.org/
  specs:
    abstract (1.0.0)
    aws-s3 (0.6.2)
      builder
      mime-types
      xml-simple
    babosa (0.2.2)
    bcrypt-ruby (2.1.4)
    builder (3.0.0)
    calendar_date_select (1.16.2)
    configatron (2.6.4)
      yamler (>= 0.1.0)
    dynamic_form (1.1.3)
    erubis (2.6.6)
      abstract (>= 1.0.0)
    friendly_id (3.2.1)
      babosa (~> 0.2.1)
    haml (3.0.25)
    hpricot (0.8.3)
    htmlentities (4.2.4)
    i18n (0.5.0)
    mail (2.2.15)
      activesupport (>= 2.3.6)
      i18n (>= 0.4.0)
      mime-types (~> 1.16)
      treetop (~> 1.4.8)
    mime-types (1.16)
    polyglot (0.3.1)
    rack-cache (1.0)
      rack (>= 0.4)
    rack-mount (0.6.13)
      rack (>= 1.0.0)
    rack-test (0.5.7)
      rack (>= 1.0)
    rake (0.8.7)
    rakismet (1.0.1)
    ri_cal (0.8.7)
    rmagick (2.13.1)
    sqlite3 (1.3.3)
    sqlite3-ruby (1.3.3)
      sqlite3 (>= 1.3.3)
    thor (0.14.6)
    treetop (1.4.9)
      polyglot (>= 0.3.1)
    tzinfo (0.3.24)
    will_paginate (3.0.pre2)
    xml-simple (1.0.14)
    yamler (0.1.0)

PLATFORMS
  ruby

DEPENDENCIES
  arel!
  authlogic!
  aws-s3
  calendar_date_select
  community_engine!
  configatron
  dynamic_form
  friendly_id (~> 3.2.1)
  haml
  hpricot
  htmlentities
  rack!
  rails (= 3.1.0.beta)!
  rakismet
  rd_searchlogic (= 3.0.1)!
  ri_cal
  rmagick
  sqlite3-ruby
  will_paginate (~> 3.0.pre2)
