GIT
  remote: git://github.com/rack/rack.git
  revision: e3ffeac0dc04bb8d5994b7923bf12e55d549a279
  specs:
    rack (1.2.1)

GIT
  remote: git://github.com/rails/arel.git
  revision: 3d21dabaa6c214ab2f2941c063bd7de04fd95202
  specs:
    arel (2.0.7.beta.20110121165657)

GIT
  remote: http://github.com/paneq/calendar_date_select.git
  revision: 8e7ec79435a68665df40b14bd90f47e6ac5e9135
  branch: rails3test
  specs:
    calendar_date_select (1.16.1)

PATH
  remote: ../../../authlogic
  specs:
    authlogic (2.1.6)
      activesupport

PATH
  remote: ../../../community_engine
  specs:
    community_engine (1.9.9)
      acts_as_commentable (~> 3.0.0)
      acts_as_commentable (~> 3.0.0)
      authlogic
      authlogic
      aws-s3
      aws-s3
      calendar_date_select
      calendar_date_select
      community_engine (= 1.9.9)
      configatron
      configatron
      dynamic_form
      dynamic_form
      friendly_id (~> 3.2.1)
      friendly_id (= 3.2.1)
      haml
      haml
      hpricot
      hpricot
      htmlentities
      htmlentities
      meta_search
      meta_search
      paperclip (~> 2.3)
      paperclip (~> 2.3)
      rack (= 1.2.1)
      rails (= 3.1.0.beta)
      rails (= 3.1.0.beta)
      rakismet
      rakismet
      ri_cal
      ri_cal
      sqlite3-ruby
      will_paginate (~> 3.0.pre2)
      will_paginate (~> 3.0.pre2)

PATH
  remote: ../../../meta_search
  specs:
    meta_search (1.0.1)
      actionpack (~> 3.1.0)
      activerecord (~> 3.1.0)
      activesupport (~> 3.1.0)
      arel (~> 2.0.6)

PATH
  remote: ../../../rails
  specs:
    actionmailer (3.1.0.beta)
      actionpack (= 3.1.0.beta)
      mail (~> 2.2.15)
    actionpack (3.1.0.beta)
      activemodel (= 3.1.0.beta)
      activesupport (= 3.1.0.beta)
      builder (~> 3.0.0)
      erubis (~> 2.6.6)
      i18n (~> 0.5.0)
      rack (~> 1.2.1)
      rack-cache (~> 1.0.0)
      rack-mount (~> 0.6.13)
      rack-test (~> 0.5.7)
      tzinfo (~> 0.3.23)
    activemodel (3.1.0.beta)
      activesupport (= 3.1.0.beta)
      bcrypt-ruby (~> 2.1.4)
      builder (~> 3.0.0)
      i18n (~> 0.5.0)
    activerecord (3.1.0.beta)
      activemodel (= 3.1.0.beta)
      activesupport (= 3.1.0.beta)
      arel (~> 2.0.2)
      tzinfo (~> 0.3.23)
    activeresource (3.1.0.beta)
      activemodel (= 3.1.0.beta)
      activesupport (= 3.1.0.beta)
    activesupport (3.1.0.beta)
    rails (3.1.0.beta)
      actionmailer (= 3.1.0.beta)
      actionpack (= 3.1.0.beta)
      activerecord (= 3.1.0.beta)
      activeresource (= 3.1.0.beta)
      activesupport (= 3.1.0.beta)
      bundler (~> 1.0)
      railties (= 3.1.0.beta)
    railties (3.1.0.beta)
      actionpack (= 3.1.0.beta)
      activesupport (= 3.1.0.beta)
      rake (>= 0.8.7)
      thor (~> 0.14.4)

GEM
  remote: http://rubygems.org/
  specs:
    abstract (1.0.0)
    acts_as_commentable (3.0.1)
    aws-s3 (0.6.2)
      builder
      mime-types
      xml-simple
    babosa (0.2.2)
    bcrypt-ruby (2.1.4)
    builder (3.0.0)
    configatron (2.6.4)
      yamler (>= 0.1.0)
    dynamic_form (1.1.3)
    erubis (2.6.6)
      abstract (>= 1.0.0)
    friendly_id (3.2.1)
      babosa (~> 0.2.1)
    haml (3.0.25)
    hpricot (0.8.3)
    htmlentities (4.2.4)
    i18n (0.5.0)
    mail (2.2.15)
      activesupport (>= 2.3.6)
      i18n (>= 0.4.0)
      mime-types (~> 1.16)
      treetop (~> 1.4.8)
    mime-types (1.16)
    paperclip (2.3.8)
      activerecord
      activesupport
    polyglot (0.3.1)
    rack-cache (1.0)
      rack (>= 0.4)
    rack-mount (0.6.13)
      rack (>= 1.0.0)
    rack-test (0.5.7)
      rack (>= 1.0)
    rake (0.8.7)
    rakismet (1.0.1)
    recaptcha (0.3.1)
    ri_cal (0.8.7)
    sqlite3 (1.3.3)
    sqlite3-ruby (1.3.3)
      sqlite3 (>= 1.3.3)
    thor (0.14.6)
    treetop (1.4.9)
      polyglot (>= 0.3.1)
    tzinfo (0.3.24)
    will_paginate (3.0.pre2)
    xml-simple (1.0.14)
    yamler (0.1.0)

PLATFORMS
  ruby

DEPENDENCIES
  acts_as_commentable (~> 3.0.0)
  arel!
  authlogic!
  aws-s3
  calendar_date_select!
  community_engine!
  configatron
  dynamic_form
  friendly_id (~> 3.2.1)
  haml
  hpricot
  htmlentities
  meta_search!
  paperclip (~> 2.3)
  rack!
  rails (= 3.1.0.beta)!
  rakismet
  recaptcha
  ri_cal
  sqlite3-ruby
  will_paginate (~> 3.0.pre2)
